GEM
  remote: https://rubygems.org/
  specs:
    algorithms (0.6.1)
    rgl (0.5.1)
      algorithms (~> 0.6.1)
      stream (~> 0.5.0)
    stream (0.5)

PLATFORMS
  ruby

DEPENDENCIES
  rgl

BUNDLED WITH
   1.10.6
